PATH
  remote: .
  specs:
    truedl (0.1.0)

GEM
  remote: https://rubygems.org/
  specs:
    minitest (5.20.0)
    rake (13.0.6)

PLATFORMS
  ruby

DEPENDENCIES
  minitest
  rake
  truedl!

BUNDLED WITH
   2.4.18
